GIT
  remote: git://github.com/TheBigBrainsCompany/capistrano-symfony.git
  revision: 84dee10d67b3db37e9e10149069ecff541936eb7
  specs:
    capistrano-symfony (0.3.0)
      capistrano (~> 3.1)
      capistrano-composer (~> 0.0.4)

GIT
  remote: git://github.com/capistrano/capistrano.git
  revision: 73dd7c55ccda6568107c7b6500d81a4f490e8ac3
  branch: master
  specs:
    capistrano (3.7.2)
      airbrussh (>= 1.0.0)
      capistrano-harrow
      i18n
      rake (>= 10.0.0)
      sshkit (>= 1.9.0)

GEM
  remote: https://rubygems.org/
  specs:
    airbrussh (1.1.2)
      sshkit (>= 1.6.1, != 1.7.0)
    capistrano-composer (0.0.6)
      capistrano (>= 3.0.0.pre)
    capistrano-harrow (0.5.3)
    i18n (0.8.0)
    net-scp (1.2.1)
      net-ssh (>= 2.6.5)
    net-ssh (4.0.1)
    rake (12.0.0)
    sshkit (1.11.5)
      net-scp (>= 1.1.2)
      net-ssh (>= 2.8.0)

PLATFORMS
  ruby

DEPENDENCIES
  capistrano!
  capistrano-composer
  capistrano-symfony!

BUNDLED WITH
   1.14.3
